GEM
  remote: http://gemcutter.org/
  specs:
    aws-sdk (2.11.201)
      aws-sdk-resources (= 2.11.201)
    aws-sdk-core (2.11.201)
      aws-sigv4 (~> 1.0)
      jmespath (~> 1.0)
    aws-sdk-resources (2.11.201)
      aws-sdk-core (= 2.11.201)
    aws-sigv4 (1.0.3)
    jmespath (1.4.0)
    mustermann (1.0.3)
    rack (2.0.6)
    rack-protection (2.0.5)
      rack
    sinatra (2.0.5)
      mustermann (~> 1.0)
      rack (~> 2.0)
      rack-protection (= 2.0.5)
      tilt (~> 2.0)
    tilt (2.0.9)

PLATFORMS
  ruby

DEPENDENCIES
  aws-sdk (~> 2)
  sinatra

RUBY VERSION
   ruby 2.3.7p456

BUNDLED WITH
   1.17.3
