GEM
  remote: http://gemcutter.org/
  specs:
    aws-sdk (2.2.16)
      aws-sdk-resources (= 2.2.16)
    aws-sdk-core (2.2.16)
      jmespath (~> 1.0)
    aws-sdk-resources (2.2.16)
      aws-sdk-core (= 2.2.16)
    jmespath (1.1.3)
    rack (1.3.2)
    sinatra (1.2.6)
      rack (~> 1.1)
      tilt (>= 1.2.2, < 2.0)
    tilt (1.3.3)

PLATFORMS
  ruby

DEPENDENCIES
  aws-sdk (~> 2)
  sinatra

RUBY VERSION
   ruby 2.1.7p400

BUNDLED WITH
   1.12.5
